GEM
  remote: https://rubygems.org/
  specs:
    racc (1.4.9)
    rake (10.0.4)

PLATFORMS
  ruby

DEPENDENCIES
  racc
  rake
